GEM
  remote: https://rubygems.org/
  specs:
    gosu (1.4.1)
    minigl (2.4.1)
      gosu (>= 0.11, < 2.0)

PLATFORMS
  x86_64-linux

DEPENDENCIES
  minigl (>= 2.4.1)

BUNDLED WITH
   2.2.15
